GEM
  remote: https://rubygems.org/
  specs:
    byebug (8.0.1)
    rmagick (2.15.4)

PLATFORMS
  ruby

DEPENDENCIES
  byebug
  rmagick

BUNDLED WITH
   1.10.5
